GIT
  remote: git://github.com/berkshelf/berkshelf.git
  revision: eabb03a7a87f3ffa19bd1024ce7b71e4ade792db
  specs:
    berkshelf (3.0.0.rc1)
      addressable (~> 2.3.4)
      berkshelf-api-client (~> 1.2.0.rc2)
      buff-config (~> 0.2)
      buff-extensions (~> 0.4)
      buff-shell_out (~> 0.1)
      faraday (~> 0.9.0)
      minitar (~> 0.5.4)
      octokit (~> 2.6)
      retryable (~> 1.3.3)
      ridley (~> 3.0)
      solve (~> 1.0.0.rc3)
      thor (~> 0.18)

GIT
  remote: git://github.com/reset/berkflow.git
  revision: c414473fb60d49529e819f78cd58375bc5ebdb20
  specs:
    berkflow (0.3.0)
      berkshelf (~> 3.0.0.rc1)
      octokit (~> 2.6)
      ridley (~> 3.0)
      ridley-connectors (~> 2.0)
      semverse (~> 1.1)
      thor (~> 0.18)

PATH
  remote: .
  specs:
    berkshelf-api (1.2.1)
      archive (= 0.0.6)
      buff-config (~> 0.1)
      celluloid (~> 0.16.0.pre)
      faraday (~> 0.9.0)
      grape (~> 0.6)
      grape-msgpack (~> 0.1)
      hashie (>= 2.0.4)
      http (~> 0.5.0)
      octokit (~> 2.6)
      reel (>= 0.4.0)
      retryable (~> 1.3.3)
      ridley (~> 3.0)
      semverse (~> 1.0)

GEM
  remote: https://rubygems.org/
  specs:
    activesupport (4.1.0)
      i18n (~> 0.6, >= 0.6.9)
      json (~> 1.7, >= 1.7.7)
      minitest (~> 5.1)
      thread_safe (~> 0.1)
      tzinfo (~> 1.1)
    addressable (2.3.6)
    akami (1.2.1)
      gyoku (>= 0.4.0)
      nokogiri
    archive (0.0.6)
      ffi (~> 1.9.3)
    axiom-types (0.1.1)
      descendants_tracker (~> 0.0.4)
      ice_nine (~> 0.11.0)
      thread_safe (~> 0.3, >= 0.3.1)
    berkshelf-api-client (1.2.0.rc2)
      faraday (~> 0.9.0)
    buff-config (0.4.0)
      buff-extensions (~> 0.3)
      varia_model (~> 0.1)
    buff-extensions (0.5.0)
    buff-ignore (1.1.1)
    buff-ruby_engine (0.1.0)
    buff-shell_out (0.1.1)
      buff-ruby_engine (~> 0.1.0)
    builder (3.2.2)
    celluloid (0.16.0.pre)
      timers (~> 2.0.0)
    celluloid-io (0.16.0.pre)
      celluloid (>= 0.16.0.pre)
      nio4r (>= 1.0.0)
    chef-zero (1.7.3)
      hashie (~> 2.0)
      json
      mixlib-log (~> 1.3)
      moneta (< 0.7.0)
      rack
    childprocess (0.5.2)
      ffi (~> 1.0, >= 1.0.11)
    coderay (1.1.0)
    coercible (1.0.0)
      descendants_tracker (~> 0.0.1)
    coolline (0.4.3)
    dep-selector-libgecode (1.0.0.rc.1)
    dep_selector (1.0.0.rc.1)
      dep-selector-libgecode (~> 1.0.0.rc)
      ffi (~> 1.9)
    descendants_tracker (0.0.4)
      thread_safe (~> 0.3, >= 0.3.1)
    diff-lcs (1.2.5)
    equalizer (0.0.9)
    erubis (2.7.0)
    faraday (0.9.0)
      multipart-post (>= 1.2, < 3)
    ffi (1.9.3)
    formatador (0.2.4)
    fuubar (1.3.2)
      rspec (>= 2.14.0, < 3.1.0)
      ruby-progressbar (~> 1.3)
    grape (0.7.0)
      activesupport
      builder
      hashie (>= 1.2.0)
      multi_json (>= 1.3.2)
      multi_xml (>= 0.5.2)
      rack (>= 1.3.0)
      rack-accept
      rack-mount
      virtus (>= 1.0.0)
    grape-msgpack (0.1.1)
      grape (>= 0.6.0)
      msgpack (~> 0.5.6)
    gssapi (1.0.3)
      ffi (>= 1.0.1)
    guard (1.8.3)
      formatador (>= 0.2.4)
      listen (~> 1.3)
      lumberjack (>= 1.0.2)
      pry (>= 0.9.10)
      thor (>= 0.14.6)
    guard-rspec (3.1.0)
      guard (>= 1.8)
      rspec (~> 2.13)
    guard-spork (1.5.1)
      childprocess (>= 0.2.3)
      guard (>= 1.1)
      spork (>= 0.8.4)
    gyoku (1.1.1)
      builder (>= 2.1.2)
    hashie (2.1.0)
    hitimes (1.2.1)
    http (0.5.0)
      http_parser.rb
    http_parser.rb (0.6.0)
    httpclient (2.3.4.1)
    httpi (0.9.7)
      rack
    i18n (0.6.9)
    ice_nine (0.11.0)
    json (1.8.1)
    listen (1.3.1)
      rb-fsevent (>= 0.9.3)
      rb-inotify (>= 0.9)
      rb-kqueue (>= 0.2)
    little-plugger (1.1.3)
    logging (1.8.2)
      little-plugger (>= 1.1.3)
      multi_json (>= 1.8.4)
    lumberjack (1.0.5)
    method_source (0.8.2)
    mini_portile (0.5.3)
    minitar (0.5.4)
    minitest (5.3.2)
    mixlib-authentication (1.3.0)
      mixlib-log
    mixlib-log (1.6.0)
    moneta (0.6.0)
    msgpack (0.5.8)
    multi_json (1.9.2)
    multi_xml (0.5.5)
    multipart-post (2.0.0)
    net-http-persistent (2.9.4)
    net-ssh (2.8.0)
    nio4r (1.0.0)
    nokogiri (1.6.1)
      mini_portile (~> 0.5.0)
    nori (1.1.5)
    octokit (2.7.2)
      sawyer (~> 0.5.2)
    pry (0.9.12.6)
      coderay (~> 1.0)
      method_source (~> 0.8)
      slop (~> 3.4)
    rack (1.5.2)
    rack-accept (0.4.5)
      rack (>= 0.4)
    rack-mount (0.8.3)
      rack (>= 1.0.0)
    rack-test (0.6.2)
      rack (>= 1.0)
    rb-fsevent (0.9.4)
    rb-inotify (0.9.3)
      ffi (>= 0.5.0)
    rb-kqueue (0.2.2)
      ffi (>= 0.5.0)
    redcarpet (3.1.1)
    reel (0.4.0)
      celluloid (>= 0.15.1)
      celluloid-io (>= 0.15.0)
      http (>= 0.5.0)
      http_parser.rb (>= 0.6.0.beta.2)
      websocket_parser (>= 0.1.4)
    retryable (1.3.5)
    ridley (3.0.0)
      addressable
      buff-config (~> 0.2)
      buff-extensions (~> 0.3)
      buff-ignore (~> 1.1)
      buff-shell_out (~> 0.1)
      celluloid (~> 0.16.0.pre)
      celluloid-io (~> 0.16.0.pre)
      erubis
      faraday (~> 0.9.0)
      hashie (>= 2.0.2)
      json (>= 1.7.7)
      mixlib-authentication (>= 1.3.0)
      net-http-persistent (>= 2.8)
      retryable
      semverse (~> 1.1)
      varia_model (~> 0.3)
    ridley-connectors (2.0.0)
      celluloid (~> 0.16.0.pre)
      celluloid-io (~> 0.16.0.pre)
      net-ssh
      ridley (~> 3.0)
      winrm (~> 1.1.0)
    rspec (2.14.1)
      rspec-core (~> 2.14.0)
      rspec-expectations (~> 2.14.0)
      rspec-mocks (~> 2.14.0)
    rspec-core (2.14.8)
    rspec-expectations (2.14.5)
      diff-lcs (>= 1.1.3, < 2.0)
    rspec-mocks (2.14.6)
    ruby-progressbar (1.4.2)
    rubyntlm (0.1.1)
    savon (0.9.5)
      akami (~> 1.0)
      builder (>= 2.1.2)
      gyoku (>= 0.4.0)
      httpi (~> 0.9)
      nokogiri (>= 1.4.0)
      nori (~> 1.0)
      wasabi (~> 1.0)
    sawyer (0.5.4)
      addressable (~> 2.3.5)
      faraday (~> 0.8, < 0.10)
    semverse (1.1.0)
    slop (3.5.0)
    solve (1.0.0.rc3)
      dep_selector (~> 1.0.0.rc)
      semverse (~> 1.1)
    spork (0.9.2)
    thor (0.19.1)
    thread_safe (0.3.3)
    timers (2.0.0)
      hitimes
    tzinfo (1.1.0)
      thread_safe (~> 0.1)
    uuidtools (2.1.4)
    varia_model (0.3.2)
      buff-extensions (~> 0.2)
      hashie (>= 2.0.2)
    virtus (1.0.2)
      axiom-types (~> 0.1)
      coercible (~> 1.0)
      descendants_tracker (~> 0.0.3)
      equalizer (~> 0.0.9)
    wasabi (1.0.0)
      nokogiri (>= 1.4.0)
    websocket_parser (0.1.6)
    winrm (1.1.3)
      gssapi (~> 1.0.0)
      httpclient (~> 2.2, >= 2.2.0.2)
      logging (~> 1.6, >= 1.6.1)
      nokogiri (~> 1.5)
      rubyntlm (~> 0.1.1)
      savon (= 0.9.5)
      uuidtools (~> 2.1.2)
    yard (0.8.7.4)

PLATFORMS
  ruby

DEPENDENCIES
  berkflow!
  berkshelf!
  berkshelf-api!
  chef-zero (~> 1.5)
  coolline
  fuubar (~> 1.1)
  guard (~> 1.8)
  guard-rspec
  guard-spork
  rack-test
  redcarpet
  rspec (~> 2.13)
  spork (~> 0.9)
  thor (~> 0.18)
  yard
